GIT
  remote: http://github.com/postmodern/dm-is-authenticatable.git
  revision: 59186bda0d17f8319963420744de95635a12ae40
  specs:
    dm-is-authenticatable (0.1.0)
      bcrypt-ruby (~> 2.1.0)
      dm-core (~> 1.0.0)
      dm-types (~> 1.0.0)
      dm-validations (~> 1.0.0)

GIT
  remote: http://github.com/postmodern/dm-migrations.git
  revision: 0fbaeefb1d260ac312d23b13d62c09de89d1f1af
  branch: runner
  specs:
    dm-migrations (1.0.2)
      dm-core (~> 1.0.2)

GIT
  remote: http://github.com/ronin-ruby/ronin-support.git
  revision: 1ccee2676bea2e550c53ad60c1457361ce3a09c0
  specs:
    ronin-support (0.1.0)
      chars (~> 0.2.0)
      combinatorics (~> 0.3.1)
      data_paths (~> 0.2.1)
      uri-query_params (~> 0.5.2)

GIT
  remote: http://github.com/ronin-ruby/ronin.git
  revision: c99f505c0b7067b8ff5b18b90d59ee04fa356b1c
  specs:
    ronin (1.0.0)
      activesupport (~> 3.0.0)
      contextify (~> 0.2.0)
      data_paths (~> 0.2.1)
      dm-aggregates (~> 1.0.2)
      dm-constraints (~> 1.0.2)
      dm-core (~> 1.0.2)
      dm-do-adapter (~> 1.0.2)
      dm-is-predefined (~> 0.3.0)
      dm-serializer (~> 1.0.2)
      dm-sqlite-adapter (~> 1.0.2)
      dm-tags (~> 1.0.2)
      dm-timestamps (~> 1.0.2)
      dm-types (~> 1.0.2)
      dm-validations (~> 1.0.2)
      i18n (~> 0.4.1)
      open_namespace (~> 0.3.0)
      parameters (~> 0.2.3)
      pullr (~> 0.1.2)
      thor (~> 0.14.3)
      tzinfo (~> 0.3.22)
      uri-query_params (~> 0.5.2)

PATH
  remote: .
  specs:
    ronin-team (0.1.0)
      bcrypt-ruby (~> 2.1.0)
      dm-serializer (~> 1.0.2)
      faye (~> 0.5.0)
      sinatra (~> 1.0.0)
      sinatra_warden (~> 0.3.0)
      uuidtools (~> 2.1.1)

GEM
  remote: https://rubygems.org/
  specs:
    activesupport (3.0.3)
    addressable (2.2.2)
    bcrypt-ruby (2.1.2)
    chars (0.2.0)
    combinatorics (0.3.1)
    contextify (0.2.0)
    daemons (1.1.0)
    data_objects (0.10.2)
      addressable (~> 2.1)
    data_paths (0.2.1)
    diff-lcs (1.1.2)
    dm-aggregates (1.0.2)
      dm-core (~> 1.0.2)
    dm-constraints (1.0.2)
      dm-core (~> 1.0.2)
      dm-migrations (~> 1.0.2)
    dm-core (1.0.2)
      addressable (~> 2.2)
      extlib (~> 0.9.15)
    dm-do-adapter (1.0.2)
      data_objects (~> 0.10.2)
      dm-core (~> 1.0.2)
    dm-is-predefined (0.3.0)
      activesupport (~> 3.0.0.beta3)
      dm-core (~> 1.0.0)
    dm-serializer (1.0.2)
      dm-core (~> 1.0.2)
      fastercsv (~> 1.5.3)
      json_pure (~> 1.4)
    dm-sqlite-adapter (1.0.2)
      dm-do-adapter (~> 1.0.2)
      do_sqlite3 (~> 0.10.2)
    dm-tags (1.0.2)
      dm-core (~> 1.0.2)
    dm-timestamps (1.0.2)
      dm-core (~> 1.0.2)
    dm-types (1.0.2)
      dm-core (~> 1.0.2)
      fastercsv (~> 1.5.3)
      json_pure (~> 1.4)
      stringex (~> 1.1.0)
      uuidtools (~> 2.1.1)
    dm-validations (1.0.2)
      dm-core (~> 1.0.2)
    do_sqlite3 (0.10.2)
      data_objects (= 0.10.2)
    em-http-request (0.2.15)
      addressable (>= 2.0.0)
      eventmachine (>= 0.12.9)
    eventmachine (0.12.10)
    extlib (0.9.15)
    fastercsv (1.5.3)
    faye (0.5.3)
      em-http-request (>= 0.2)
      eventmachine (>= 0.12)
      json (>= 1.0)
      rack (>= 1.0)
      thin (>= 1.2)
    i18n (0.4.2)
    json (1.4.6)
    json_pure (1.4.6)
    open_namespace (0.3.0)
    ore-core (0.1.0)
    ore-tasks (0.3.0)
      ore-core (~> 0.1.0)
    parameters (0.2.3)
    pullr (0.1.3)
      addressable (>= 2.1.1)
    rack (1.2.1)
    rack-test (0.5.6)
      rack (>= 1.0)
    rake (0.8.7)
    rdiscount (1.6.5)
    rspec (2.1.0)
      rspec-core (~> 2.1.0)
      rspec-expectations (~> 2.1.0)
      rspec-mocks (~> 2.1.0)
    rspec-core (2.1.0)
    rspec-expectations (2.1.0)
      diff-lcs (~> 1.1.2)
    rspec-mocks (2.1.0)
    sinatra (1.0)
      rack (>= 1.0)
    sinatra_warden (0.3.2)
      sinatra (>= 1.0.0)
      warden (~> 1.0)
    stringex (1.1.0)
    thin (1.2.7)
      daemons (>= 1.0.9)
      eventmachine (>= 0.12.6)
      rack (>= 1.0.0)
    thor (0.14.6)
    tzinfo (0.3.23)
    uri-query_params (0.5.2)
    uuidtools (2.1.1)
    warden (1.0.2)
      rack (>= 1.0.0)
    yard (0.6.3)

PLATFORMS
  ruby

DEPENDENCIES
  bcrypt-ruby (~> 2.1.0)
  bundler (~> 1.0.0)
  dm-is-authenticatable (~> 0.1.0)!
  dm-migrations (~> 1.0.2)!
  dm-serializer (~> 1.0.2)
  faye (~> 0.5.0)
  ore-core (~> 0.1.0)
  ore-tasks (~> 0.3.0)
  rack-test (~> 0.5.4)
  rake (~> 0.8.7)
  rdiscount (~> 1.6.3)
  ronin (~> 1.0.0)!
  ronin-support (~> 0.1.0)!
  ronin-team!
  rspec (~> 2.1.0)
  sinatra (~> 1.0.0)
  sinatra_warden (~> 0.3.0)
  uuidtools (~> 2.1.1)
  yard (~> 0.6.1)
