GIT
  remote: http://github.com/datamapper/dm-core.git
  revision: 6315411
  specs:
    dm-core (1.0.0)
      addressable (~> 2.1)
      extlib (~> 0.9.15)

GIT
  remote: http://github.com/datamapper/dm-types.git
  revision: 2b9648fab2028d519896a278f314f75f61c39b60
  specs:
    dm-types (1.0.0)
      dm-core (~> 1.0.0)
      fastercsv (~> 1.5.3)
      json_pure (~> 1.4)
      stringex (~> 1.1.0)
      uuidtools (~> 2.1.1)

GIT
  remote: http://github.com/postmodern/dm-is-authenticatable.git
  revision: e425780f5431480d36fa0b17086dbb74ea19a72d
  specs:
    dm-is-authenticatable (0.1.0)
      activesupport (~> 3.0.0)
      bcrypt-ruby
      dm-core (~> 1.0.0)
      dm-types (~> 1.0.0)
      dm-validations (~> 1.0.0)

GIT
  remote: http://github.com/postmodern/dm-migrations.git
  revision: a352ef2
  branch: runner
  specs:
    dm-migrations (1.0.0)
      dm-core (~> 1.0.0)

GIT
  remote: http://github.com/ronin-ruby/ronin-support.git
  revision: 73af532
  specs:
    ronin-support (0.1.0)
      chars (~> 0.1.2)
      data_paths (~> 0.2.1)
      uri-query_params (~> 0.4.0)

GIT
  remote: http://github.com/ronin-ruby/ronin.git
  revision: 33e4a48
  specs:
    ronin (0.4.0)
      activesupport (~> 3.0.0.rc)
      contextify (~> 0.1.6)
      data_paths (~> 0.2.1)
      dm-aggregates (~> 1.0.0)
      dm-constraints (~> 1.0.0)
      dm-core (~> 1.0.0)
      dm-do-adapter (~> 1.0.0)
      dm-is-predefined (~> 0.3.0)
      dm-migrations (~> 1.0.0)
      dm-sqlite-adapter (~> 1.0.0)
      dm-tags (~> 1.0.0)
      dm-timestamps (~> 1.0.0)
      dm-types (~> 1.0.0)
      dm-validations (~> 1.0.0)
      nokogiri (~> 1.4.1)
      open_namespace (~> 0.3.0)
      parameters (~> 0.2.2)
      pullr (~> 0.1.2)
      ronin-support (~> 0.1.0)
      thor (~> 0.14.0)
      tzinfo (~> 0.3.22)
      uri-query_params (~> 0.4.0)

GEM
  remote: https://rubygems.org/
  specs:
    activesupport (3.0.0.rc2)
    addressable (2.2.0)
    bcrypt-ruby (2.1.2)
    chars (0.1.2)
      yard (>= 0.2.3.5)
    contextify (0.1.6)
    daemons (1.1.0)
    data_objects (0.10.2)
      addressable (~> 2.1)
    data_paths (0.2.1)
    diff-lcs (1.1.2)
    dm-aggregates (1.0.0)
      dm-core (~> 1.0.0)
    dm-constraints (1.0.0)
      dm-core (~> 1.0.0)
      dm-migrations (~> 1.0.0)
    dm-do-adapter (1.0.0)
      data_objects (~> 0.10.1)
      dm-core (~> 1.0.0)
    dm-is-predefined (0.3.0)
      activesupport (~> 3.0.0.beta3)
      dm-core (~> 1.0.0)
    dm-sqlite-adapter (1.0.0)
      dm-do-adapter (~> 1.0.0)
      do_sqlite3 (~> 0.10.2)
    dm-tags (1.0.0)
      dm-core (~> 1.0.0)
    dm-timestamps (1.0.0)
      dm-core (~> 1.0.0)
    dm-validations (1.0.0)
      dm-core (~> 1.0.0)
    do_sqlite3 (0.10.2)
      data_objects (= 0.10.2)
    em-http-request (0.2.11)
      addressable (>= 2.0.0)
      eventmachine (>= 0.12.9)
    eventmachine (0.12.10)
    extlib (0.9.15)
    fastercsv (1.5.3)
    faye (0.5.2)
      em-http-request (>= 0.2)
      eventmachine (>= 0.12)
      json (>= 1.0)
      rack (>= 1.0)
      thin (>= 1.2)
    git (1.2.5)
    jeweler (1.5.0.pre2)
      bundler (>= 1.0.0.rc.5)
      git (>= 1.2.5)
      rake
    json (1.4.6)
    json_pure (1.4.6)
    nokogiri (1.4.3.1)
    open_namespace (0.3.0)
    parameters (0.2.2)
    pullr (0.1.3)
      addressable (>= 2.1.1)
    rack (1.2.1)
    rack-test (0.5.4)
      rack (>= 1.0)
    rake (0.8.7)
    rdiscount (1.6.5)
    rspec (2.0.0.beta.20)
      rspec-core (= 2.0.0.beta.20)
      rspec-expectations (= 2.0.0.beta.20)
      rspec-mocks (= 2.0.0.beta.20)
    rspec-core (2.0.0.beta.20)
    rspec-expectations (2.0.0.beta.20)
      diff-lcs (>= 1.1.2)
    rspec-mocks (2.0.0.beta.20)
    sinatra (1.0)
      rack (>= 1.0)
    sinatra_warden (0.3.1)
      sinatra (>= 0.9.4)
      warden (>= 0.10.3)
    stringex (1.1.0)
    thin (1.2.7)
      daemons (>= 1.0.9)
      eventmachine (>= 0.12.6)
      rack (>= 1.0.0)
    thor (0.14.0)
    tzinfo (0.3.23)
    uri-query_params (0.4.0)
    uuidtools (2.1.1)
    warden (0.10.7)
      rack (>= 1.0.0)
    yard (0.5.8)

PLATFORMS
  ruby

DEPENDENCIES
  bcrypt-ruby (~> 2.1.0)
  bundler (~> 1.0.0)
  dm-core (~> 1.0.0)!
  dm-is-authenticatable (~> 0.1.0)!
  dm-migrations (~> 1.0.0)!
  dm-types (~> 1.0.0)!
  faye (~> 0.5.0)
  jeweler (~> 1.5.0.pre)
  rack-test (~> 0.5.4)
  rake (~> 0.8.7)
  rdiscount (~> 1.6.3)
  ronin (~> 0.4.0)!
  ronin-support (~> 0.1.0)!
  rspec (~> 2.0.0.beta.20)
  sinatra (~> 1.0)
  sinatra_warden (~> 0.3.0)
  uuidtools (~> 2.1.1)
  yard (~> 0.5.3)
